GEM
  remote: https://rubygems.org/
  specs:
    activemodel (4.0.4)
      activesupport (= 4.0.4)
      builder (~> 3.1.0)
    activesupport (4.0.4)
      i18n (~> 0.6, >= 0.6.9)
      minitest (~> 4.2)
      multi_json (~> 1.3)
      thread_safe (~> 0.1)
      tzinfo (~> 0.3.37)
    atomic (1.1.16)
    atomic (1.1.16-java)
    builder (3.1.4)
    cequel (1.1.2)
      activemodel (>= 3.1)
      cql-rb
    cql-rb (2.0.0.pre1)
      ione
    i18n (0.6.9)
    ione (1.0.0)
    minitest (4.7.5)
    multi_json (1.9.2)
    puma (2.8.1)
      rack (>= 1.1, < 2.0)
    puma (2.8.1-java)
      rack (>= 1.1, < 2.0)
    rack (1.5.2)
    rack-protection (1.5.2)
      rack
    sinatra (1.4.4)
      rack (~> 1.4)
      rack-protection (~> 1.4)
      tilt (~> 1.3, >= 1.3.4)
    slim (2.0.2)
      temple (~> 0.6.6)
      tilt (>= 1.3.3, < 2.1)
    snappy (0.0.10)
    snappy (0.0.10-java)
      snappy-jars (~> 1.1.0)
    snappy-jars (1.1.0.1.2-java)
    temple (0.6.7)
    thread_safe (0.3.1)
      atomic (>= 1.1.7, < 2)
    thread_safe (0.3.1-java)
      atomic (>= 1.1.7, < 2)
    tilt (1.4.1)
    tzinfo (0.3.39)

PLATFORMS
  java
  ruby

DEPENDENCIES
  cequel
  cql-rb (= 2.0.0.pre1)
  puma
  sinatra
  slim
  snappy
  tilt (~> 1.4.1)
