GIT
  remote: git://github.com/cequel/cequel.git
  revision: 1d849962ad45fdab336af209ea26be1ab65acf58
  specs:
    cequel (1.0.2)
      activemodel (>= 3.1)
      cql-rb

GEM
  remote: https://rubygems.org/
  specs:
    activemodel (4.0.3)
      activesupport (= 4.0.3)
      builder (~> 3.1.0)
    activesupport (4.0.3)
      i18n (~> 0.6, >= 0.6.4)
      minitest (~> 4.2)
      multi_json (~> 1.3)
      thread_safe (~> 0.1)
      tzinfo (~> 0.3.37)
    atomic (1.1.15)
    atomic (1.1.15-java)
    builder (3.1.4)
    cql-rb (2.0.0.pre0)
    i18n (0.6.9)
    minitest (4.7.5)
    multi_json (1.8.4)
    puma (2.8.0)
      rack (>= 1.1, < 2.0)
    puma (2.8.0-java)
      rack (>= 1.1, < 2.0)
    rack (1.5.2)
    sinatra (1.0)
      rack (>= 1.0)
    slim (2.0.2)
      temple (~> 0.6.6)
      tilt (>= 1.3.3, < 2.1)
    snappy (0.0.10)
    snappy (0.0.10-java)
      snappy-jars (~> 1.1.0)
    snappy-jars (1.1.0.1.2-java)
    temple (0.6.7)
    thread_safe (0.2.0)
      atomic (>= 1.1.7, < 2)
    thread_safe (0.2.0-java)
      atomic (>= 1.1.7, < 2)
    tilt (2.0.0)
    tzinfo (0.3.38)

PLATFORMS
  java
  ruby

DEPENDENCIES
  cequel!
  cql-rb (= 2.0.0.pre0)
  puma
  sinatra
  slim
  snappy
