GEM
  remote: https://rubygems.org/
  specs:
    cql-rb (2.0.0.pre0)
    puma (2.8.0)
      rack (>= 1.1, < 2.0)
    puma (2.8.0-java)
      rack (>= 1.1, < 2.0)
    rack (1.5.2)
    sinatra (1.0)
      rack (>= 1.0)
    slim (2.0.2)
      temple (~> 0.6.6)
      tilt (>= 1.3.3, < 2.1)
    snappy (0.0.10-java)
      snappy-jars (~> 1.1.0)
    snappy-jars (1.1.0.1.2-java)
    temple (0.6.7)
    tilt (2.0.0)

PLATFORMS
  java
  ruby

DEPENDENCIES
  cql-rb (= 2.0.0.pre0)
  puma
  sinatra
  slim
  snappy
